GEM
  remote: https://rubygems.org/
  specs:
    kramdown (1.16.2)

PLATFORMS
  ruby

DEPENDENCIES
  kramdown

BUNDLED WITH
   1.16.1
